GEM
  remote: https://rubygems.org/
  specs:
    ast (2.4.2)
    nio4r (2.5.8)
    opal (1.5.0)
      ast (>= 2.3.0)
      parser (~> 3.0, >= 3.0.3.2)
    parser (3.1.2.0)
      ast (~> 2.4.1)
    puma (5.6.4)
      nio4r (~> 2.0)
    rack (2.2.3)

PLATFORMS
  x86_64-linux

DEPENDENCIES
  opal
  puma
  rack

BUNDLED WITH
   2.2.22
